{
"TaskName": "tactile detection",
"TaskDescription": "detect a perithreshold tactile stimulation (100ms) during a 2 s window. First-order (felt:yes/no) and second-order (confidence)",
"InstitutionName": "EPFL",
"Manufacturer": "ANTNeuro",
"RecordingDuration": 4.256146e+03,
"RecordingType": "continuous",
"SamplingFrequency": 1024,
"EEGChannelCount": 63,
"EOGChannelCount": 4,
"EMGChannelCount": 0,
"EEGReference": "Placed on AFz",
"EEGPlacementScheme": "10-20",
"PowerLineFrequency": 50,
"HardwareFilters": "n/a",
"SoftwareFilters": "n/a",
"SubjectArtefactDescription": "n/a"
}
